GIT
  remote: https://github.com/sep/mmonit-ruby.git
  revision: fbe4bf9e04b5445fb7e490ff9c6b2dd8da09215b
  specs:
    mmonit (0.0.4)

GEM
  remote: https://rubygems.org/
  specs:
    airbrussh (1.3.0)
      sshkit (>= 1.6.1, != 1.7.0)
    backports (3.6.8)
    byebug (9.0.6)
    capistrano (3.9.0)
      airbrussh (>= 1.0.0)
      i18n
      rake (>= 10.0.0)
      sshkit (>= 1.9.0)
    capistrano-bundler (1.2.0)
      capistrano (~> 3.1)
      sshkit (~> 1.2)
    capistrano-passenger (0.2.0)
      capistrano (~> 3.0)
    dotenv (2.1.1)
    et-orbi (1.0.5)
      tzinfo
    httparty (0.14.0)
      multi_xml (>= 0.5.2)
    i18n (0.8.6)
    mini_portile2 (2.1.0)
    multi_json (1.12.1)
    multi_xml (0.6.0)
    net-scp (1.2.1)
      net-ssh (>= 2.6.5)
    net-ssh (4.1.0)
    nokogiri (1.6.8.1)
      mini_portile2 (~> 2.1.0)
    passenger (5.1.7)
      rack
      rake (>= 0.8.1)
    rack (1.6.5)
    rack-protection (1.5.3)
      rack
    rack-test (0.6.3)
      rack (>= 1.0)
    rake (12.0.0)
    rufus-scheduler (3.4.2)
      et-orbi (~> 1.0)
    sinatra (1.4.7)
      rack (~> 1.5)
      rack-protection (~> 1.4)
      tilt (>= 1.3, < 3)
    sinatra-contrib (1.4.7)
      backports (>= 2.0)
      multi_json
      rack-protection
      rack-test
      sinatra (~> 1.4.0)
      tilt (>= 1.3, < 3)
    sshkit (1.14.0)
      net-scp (>= 1.1.2)
      net-ssh (>= 2.8.0)
    thread_safe (0.3.6)
    tilt (2.0.5)
    tzinfo (1.2.3)
      thread_safe (~> 0.1)

PLATFORMS
  ruby

DEPENDENCIES
  byebug
  capistrano
  capistrano-bundler
  capistrano-passenger
  dotenv
  httparty
  mmonit!
  nokogiri
  passenger
  rufus-scheduler
  sinatra
  sinatra-contrib

BUNDLED WITH
   1.15.3
